GEM
  remote: http://rubygems.org/
  specs:
    activesupport (3.2.22.5)
      i18n (~> 0.6, >= 0.6.4)
      multi_json (~> 1.0)
    concurrent-ruby (1.1.6)
    daemons (1.1.8)
    eventmachine (0.12.10)
    http_router (0.10.2)
      rack (>= 1.0.0)
      url_mount (~> 0.2.1)
    i18n (0.9.5)
      concurrent-ruby (~> 1.0)
    mail (2.3.3)
      i18n (>= 0.4.0)
      mime-types (~> 1.16)
      treetop (~> 1.4.8)
    mime-types (1.19)
    multi_json (1.14.1)
    padrino (0.10.7)
      padrino-admin (= 0.10.7)
      padrino-cache (= 0.10.7)
      padrino-core (= 0.10.7)
      padrino-gen (= 0.10.7)
      padrino-helpers (= 0.10.7)
      padrino-mailer (= 0.10.7)
    padrino-admin (0.10.7)
      padrino-core (= 0.10.7)
      padrino-helpers (= 0.10.7)
    padrino-cache (0.10.7)
      padrino-core (= 0.10.7)
    padrino-core (0.10.7)
      activesupport (~> 3.2.0)
      http_router (~> 0.10.2)
      sinatra (~> 1.3.1)
      thor (~> 0.15.2)
      tilt (~> 1.3.0)
    padrino-gen (0.10.7)
      bundler (~> 1.0)
      padrino-core (= 0.10.7)
    padrino-helpers (0.10.7)
      i18n (~> 0.6)
      padrino-core (= 0.10.7)
    padrino-mailer (0.10.7)
      mail (~> 2.3.0)
      padrino-core (= 0.10.7)
    polyglot (0.3.3)
    rack (1.6.13)
    rack-protection (1.5.5)
      rack
    sinatra (1.3.2)
      rack (~> 1.3, >= 1.3.6)
      rack-protection (~> 1.2)
      tilt (~> 1.3, >= 1.3.3)
    thin (1.4.1)
      daemons (>= 1.0.9)
      eventmachine (>= 0.12.6)
      rack (>= 1.0.0)
    thor (0.15.4)
    tilt (1.3.3)
    treetop (1.4.10)
      polyglot
      polyglot (>= 0.3.1)
    url_mount (0.2.1)
      rack

PLATFORMS
  ruby

DEPENDENCIES
  padrino
  sinatra
  thin
